GEM
  remote: https://rubygems.org/
  specs:
    diff-lcs (1.2.5)
    kgio (2.9.2)
    rack (1.5.2)
    rack-protection (1.5.3)
      rack
    raindrops (0.13.0)
    rspec (2.14.1)
      rspec-core (~> 2.14.0)
      rspec-expectations (~> 2.14.0)
      rspec-mocks (~> 2.14.0)
    rspec-core (2.14.8)
    rspec-expectations (2.14.5)
      diff-lcs (>= 1.1.3, < 2.0)
    rspec-mocks (2.14.6)
    sinatra (1.4.4)
      rack (~> 1.4)
      rack-protection (~> 1.4)
      tilt (~> 1.3, >= 1.3.4)
    slim (2.0.2)
      temple (~> 0.6.6)
      tilt (>= 1.3.3, < 2.1)
    sqlite3 (1.3.9)
    temple (0.6.7)
    tilt (1.4.1)
    unicorn (4.8.2)
      kgio (~> 2.6)
      rack
      raindrops (~> 0.7)

PLATFORMS
  java
  ruby

DEPENDENCIES
  rspec (= 2.14.1)
  sinatra (= 1.4.4)
  slim
  sqlite3
  unicorn
